FRAMEWORK: NET45
NUGET
  remote: https://www.nuget.org/api/v2
    FAKE (4.50)
    FSharp.Core (4.0.0.1)
    FsUnit (2.3.2)
      FSharp.Core (>= 3.1.2.5)
      NUnit (3.5)
    Node.js (5.3)
    Npm.js (2.13.1)
      Node.js (>= 0.12.7)
    NUnit (3.5)
    Octokit (0.24)
GIT
  remote: https://github.com/ionide/FsAutoComplete.git
     (0aac468dabb0797ac3ae81d1cec75ba135e2c076)
      build: build.cmd LocalRelease
      os: windows
     (0aac468dabb0797ac3ae81d1cec75ba135e2c076)
      build: build.sh LocalRelease
      os: mono
  remote: https://github.com/fsharp-editing/Forge.git
     (9f1c283712e6864589dae07a3ce91ce8982283dc)
      build: build.cmd Build
      os: windows
     (9f1c283712e6864589dae07a3ce91ce8982283dc)
      build: build.sh Build
      os: mono
  remote: https://github.com/ionide/ionide-fsgrammar.git
     (16d4cc8cb0224d8861a7b48107ac102e3f51579a)
GITHUB
  remote: fsharp/FAKE
    modules/Octokit/Octokit.fsx (e842705560e95dd75dd2c6a78fb1ae62db545297)
      Octokit (>= 0.20)
  remote: Ionide/ionide-vscode-helpers
    Fable.Import.Axios.fs (086251a17a4eee9f1ee4b493b6d350ede105c22d)
    Fable.Import.VSCode.fs (086251a17a4eee9f1ee4b493b6d350ede105c22d)
    Fable.Import.VSCodeDebugger.fs (086251a17a4eee9f1ee4b493b6d350ede105c22d)
    Fable.Import.ws.fs (086251a17a4eee9f1ee4b493b6d350ede105c22d)
    Helpers.fs (086251a17a4eee9f1ee4b493b6d350ede105c22d)